PATH
  remote: .
  specs:
    kpass (0.1.0)
      csv (~> 3.2)
      json (~> 2.7)

GEM
  remote: https://rubygems.org/
  specs:
    csv (3.3.4)
    diff-lcs (1.6.2)
    json (2.12.0)
    rspec (3.13.1)
      rspec-core (~> 3.13.0)
      rspec-expectations (~> 3.13.0)
      rspec-mocks (~> 3.13.0)
    rspec-core (3.13.5)
      rspec-support (~> 3.13.0)
    rspec-expectations (3.13.5)
      diff-lcs (>= 1.2.0, < 2.0)
      rspec-support (~> 3.13.0)
    rspec-mocks (3.13.5)
      diff-lcs (>= 1.2.0, < 2.0)
      rspec-support (~> 3.13.0)
    rspec-support (3.13.4)

PLATFORMS
  ruby
  x86_64-darwin-22

DEPENDENCIES
  kpass!
  rspec (~> 3.12)

BUNDLED WITH
   2.6.8
